GEM
  remote: https://rubygems.org/
  specs:
    iodine (0.7.44)
    sequel (5.58.0)
    sqlite3 (1.4.4)

PLATFORMS
  x86_64-linux

DEPENDENCIES
  iodine (~> 0.7)
  sequel
  sqlite3

BUNDLED WITH
   2.2.12
